GEM
  remote: https://rubygems.org/
  specs:
    anemone (0.7.2)
      nokogiri (>= 1.3.0)
      robotex (>= 1.0.0)
    nokogiri (1.5.9)
    robotex (1.0.0)

PLATFORMS
  ruby

DEPENDENCIES
  anemone
  nokogiri
